PATH
  remote: .
  specs:
    markdownizer (0.3.5)
      activerecord (>= 3.0.3)
      coderay
      rdiscount

GEM
  remote: http://rubygems.org/
  specs:
    activemodel (3.0.4)
      activesupport (= 3.0.4)
      builder (~> 2.1.2)
      i18n (~> 0.4)
    activerecord (3.0.4)
      activemodel (= 3.0.4)
      activesupport (= 3.0.4)
      arel (~> 2.0.2)
      tzinfo (~> 0.3.23)
    activesupport (3.0.4)
    arel (2.0.8)
    builder (2.1.2)
    coderay (0.9.7)
    diff-lcs (1.1.2)
    git (1.2.5)
    i18n (0.5.0)
    mustache (0.12.0)
    pygments (0.0.1.a)
    rdiscount (1.6.8)
    rocco (0.5)
      mustache
      rdiscount
    rspec (2.5.0)
      rspec-core (~> 2.5.0)
      rspec-expectations (~> 2.5.0)
      rspec-mocks (~> 2.5.0)
    rspec-core (2.5.1)
    rspec-expectations (2.5.0)
      diff-lcs (~> 1.1.2)
    rspec-mocks (2.5.0)
    tzinfo (0.3.24)

PLATFORMS
  ruby

DEPENDENCIES
  activerecord (>= 3.0.3)
  coderay
  git
  markdownizer!
  pygments
  rdiscount
  rocco
  rspec (~> 2.5.0)
